GEM
  remote: https://rubygems.org/
  specs:
    armor (0.0.3)
    dotenv (2.2.2)
    mote (1.3.0)
    pg (1.0.0)
    rack (2.0.4)
    rake (12.3.1)
    scrivener (1.0.0)
    seg (1.2.0)
    sequel (5.7.1)
    shield (2.1.1)
      armor
    syro (3.1.0)
      rack (>= 1.6.0)
      seg
    tas (0.0.1)

PLATFORMS
  ruby

DEPENDENCIES
  dotenv
  mote
  pg
  rake
  scrivener
  sequel
  shield
  syro
  tas

BUNDLED WITH
   1.16.0
